PATH
  remote: .
  specs:
    sizzle (0.1.0)
      app_store_connect
      colorize
      gli
      terminal-table

GEM
  remote: https://rubygems.org/
  specs:
    activesupport (7.0.3.1)
      concurrent-ruby (~> 1.0, >= 1.0.2)
      i18n (>= 1.6, < 2)
      minitest (>= 5.1)
      tzinfo (~> 2.0)
    app_store_connect (0.25.0)
      activesupport (>= 6.0.3.1)
      jwt (>= 1.4, <= 2.2.1)
      mixpanel-ruby (<= 2.2.0)
    coderay (1.1.2)
    colorize (0.8.1)
    concurrent-ruby (1.1.10)
    diff-lcs (1.3)
    gli (2.19.0)
    i18n (1.12.0)
      concurrent-ruby (~> 1.0)
    jwt (2.2.1)
    method_source (0.9.2)
    minitest (5.16.2)
    mixpanel-ruby (2.2.0)
    pry (0.12.2)
      coderay (~> 1.1.0)
      method_source (~> 0.9.0)
    rspec (3.9.0)
      rspec-core (~> 3.9.0)
      rspec-expectations (~> 3.9.0)
      rspec-mocks (~> 3.9.0)
    rspec-core (3.9.0)
      rspec-support (~> 3.9.0)
    rspec-expectations (3.9.0)
      diff-lcs (>= 1.2.0, < 2.0)
      rspec-support (~> 3.9.0)
    rspec-mocks (3.9.0)
      diff-lcs (>= 1.2.0, < 2.0)
      rspec-support (~> 3.9.0)
    rspec-support (3.9.0)
    terminal-table (1.8.0)
      unicode-display_width (~> 1.1, >= 1.1.1)
    tzinfo (2.0.5)
      concurrent-ruby (~> 1.0)
    unicode-display_width (1.6.0)

PLATFORMS
  ruby

DEPENDENCIES
  bundler (~> 2.0)
  pry
  rspec (~> 3.0)
  sizzle!

BUNDLED WITH
   2.0.1
